GIT
  remote: https://github.com/padrino/padrino-framework.git
  revision: e2b31feea06544251a67e007879f6d868bf90edb
  specs:
    padrino (0.14.0.rc2)
      padrino-admin (= 0.14.0.rc2)
      padrino-cache (= 0.14.0.rc2)
      padrino-core (= 0.14.0.rc2)
      padrino-gen (= 0.14.0.rc2)
      padrino-helpers (= 0.14.0.rc2)
      padrino-mailer (= 0.14.0.rc2)
      padrino-support (= 0.14.0.rc2)
    padrino-admin (0.14.0.rc2)
      padrino-core (= 0.14.0.rc2)
      padrino-helpers (= 0.14.0.rc2)
    padrino-cache (0.14.0.rc2)
      moneta (~> 0.8.0)
      padrino-core (= 0.14.0.rc2)
      padrino-helpers (= 0.14.0.rc2)
    padrino-core (0.14.0.rc2)
      mustermann19
      padrino-support (= 0.14.0.rc2)
      rack-protection (>= 1.5.0)
      sinatra (>= 1.4.6)
      thor (~> 0.18)
    padrino-gen (0.14.0.rc2)
      bundler (~> 1.0)
      padrino-core (= 0.14.0.rc2)
    padrino-helpers (0.14.0.rc2)
      i18n (~> 0.6, >= 0.6.7)
      padrino-support (= 0.14.0.rc2)
      tilt (>= 1.4.1, < 3)
    padrino-mailer (0.14.0.rc2)
      mail (~> 2.5)
      mime-types (< 3)
      padrino-core (= 0.14.0.rc2)
    padrino-support (0.14.0.rc2)

GEM
  remote: https://rubygems.org/
  specs:
    activemodel (5.0.1)
      activesupport (= 5.0.1)
    activerecord (5.0.1)
      activemodel (= 5.0.1)
      activesupport (= 5.0.1)
      arel (~> 7.0)
    activesupport (5.0.1)
      concurrent-ruby (~> 1.0, >= 1.0.2)
      i18n (~> 0.7)
      minitest (~> 5.1)
      tzinfo (~> 1.1)
    arel (7.1.4)
    bcrypt (3.1.11)
    binding_of_caller (0.7.2)
      debug_inspector (>= 0.0.1)
    coderay (1.1.1)
    concurrent-ruby (1.0.5)
    debug_inspector (0.0.2)
    enumerable-lazy (0.0.2)
    i18n (0.8.1)
    mail (2.6.4)
      mime-types (>= 1.16, < 4)
    method_source (0.8.2)
    mime-types (2.99.3)
    minitest (5.10.1)
    moneta (0.8.1)
    mustermann19 (0.4.4)
      enumerable-lazy
    pg (0.19.0)
    pry (0.10.4)
      coderay (~> 1.1.0)
      method_source (~> 0.8.1)
      slop (~> 3.4)
    rack (1.6.5)
    rack-parser (0.7.0)
      rack
    rack-protection (1.5.3)
      rack
    rake (12.0.0)
    sinatra (1.4.8)
      rack (~> 1.5)
      rack-protection (~> 1.4)
      tilt (>= 1.3, < 3)
    slop (3.6.0)
    thor (0.19.4)
    thread_safe (0.3.6)
    tilt (2.0.6)
    tzinfo (1.2.2)
      thread_safe (~> 0.1)

PLATFORMS
  ruby

DEPENDENCIES
  activerecord (>= 3.1)
  activesupport (>= 3.1)
  bcrypt
  binding_of_caller
  padrino!
  pg
  pry
  rack-parser
  rake

BUNDLED WITH
   1.13.6
